GEM
  remote: https://rubygems.org/
  specs:
    addressable (2.5.0)
      public_suffix (~> 2.0, >= 2.0.2)
    faraday (0.9.2)
      multipart-post (>= 1.2, < 3)
    fastimage (2.0.1)
      addressable (~> 2)
    hashie (3.4.6)
    mini_portile2 (2.1.0)
    multi_json (1.12.1)
    multipart-post (2.0.0)
    nokogiri (1.6.8.1)
      mini_portile2 (~> 2.1.0)
    public_suffix (2.0.4)
    redd (0.7.10)
      faraday (~> 0.9)
      fastimage (~> 2.0)
      hashie (~> 3.4)
      multi_json (~> 1.12)

PLATFORMS
  ruby

DEPENDENCIES
  nokogiri (~> 1.6)
  redd (~> 0.7)

BUNDLED WITH
   1.13.6
